GEM
  remote: https://rubygems.org/
  specs:
    daemons (1.0.10)
    diff-lcs (1.2.5)
    gem_plugin (0.2.3)
    mime-types (2.0)
    mongrel (1.2.0.pre2)
      daemons (~> 1.0.10)
      gem_plugin (~> 0.2.3)
    rack (1.5.2)
    rest-client (1.6.7)
      mime-types (>= 1.16)
    rspec (2.14.1)
      rspec-core (~> 2.14.0)
      rspec-expectations (~> 2.14.0)
      rspec-mocks (~> 2.14.0)
    rspec-core (2.14.7)
    rspec-expectations (2.14.4)
      diff-lcs (>= 1.1.3, < 2.0)
    rspec-mocks (2.14.4)

PLATFORMS
  ruby

DEPENDENCIES
  daemons
  mongrel (>= 1.2.0.pre2)
  rack
  rest-client
  rspec
