GEM
  remote: https://rubygems.org/
  specs:
    activemodel (4.0.0)
      activesupport (= 4.0.0)
      builder (~> 3.1.0)
    activerecord (4.0.0)
      activemodel (= 4.0.0)
      activerecord-deprecated_finders (~> 1.0.2)
      activesupport (= 4.0.0)
      arel (~> 4.0.0)
    activerecord-deprecated_finders (1.0.3)
    activesupport (4.0.0)
      i18n (~> 0.6, >= 0.6.4)
      minitest (~> 4.2)
      multi_json (~> 1.3)
      thread_safe (~> 0.1)
      tzinfo (~> 0.3.37)
    arel (4.0.1)
    atomic (1.1.14)
    builder (3.1.4)
    daemons (1.0.10)
    diff-lcs (1.2.5)
    gem_plugin (0.2.3)
    i18n (0.6.9)
    mime-types (2.0)
    minitest (4.7.5)
    mongrel (1.2.0.pre2)
      daemons (~> 1.0.10)
      gem_plugin (~> 0.2.3)
    multi_json (1.8.2)
    mysql2 (0.3.13)
    rack (1.5.2)
    rest-client (1.6.7)
      mime-types (>= 1.16)
    rspec (2.14.1)
      rspec-core (~> 2.14.0)
      rspec-expectations (~> 2.14.0)
      rspec-mocks (~> 2.14.0)
    rspec-core (2.14.7)
    rspec-expectations (2.14.4)
      diff-lcs (>= 1.1.3, < 2.0)
    rspec-mocks (2.14.4)
    thread_safe (0.1.3)
      atomic
    tzinfo (0.3.38)

PLATFORMS
  ruby

DEPENDENCIES
  activerecord
  daemons
  mongrel (>= 1.2.0.pre2)
  mysql2
  rack
  rest-client
  rspec
